GEM
  remote: https://rubygems.org/
  specs:
    CFPropertyList (2.2.8)
    deep_merge (1.0.1)
    facter (2.3.0)
      CFPropertyList (~> 2.2.6)
    hiera (1.3.4)
      json_pure
    json_pure (1.8.1)
    puppet (3.7.3)
      facter (> 1.6, < 3)
      hiera (~> 1.0)
      json_pure

PLATFORMS
  ruby

DEPENDENCIES
  deep_merge
  puppet (~> 3.7.3)
